GEM
  remote: https://rubygems.org/
  specs:
    base64 (0.3.0)
    bigdecimal (3.3.1)
    byebug (12.0.0)
    coderay (1.1.3)
    httparty (0.13.7)
      json (~> 1.8)
      multi_xml (>= 0.5.2)
    json (1.8.6)
    logger (1.7.0)
    method_source (1.1.0)
    mini_portile2 (2.8.9)
    multi_json (1.17.0)
    multi_xml (0.7.2)
      bigdecimal (~> 3.1)
    mustermann (3.0.4)
      ruby2_keywords (~> 0.0.1)
    nio4r (2.5.8)
    nokogiri (1.18.10)
      mini_portile2 (~> 2.8.2)
      racc (~> 1.4)
    pry (0.15.2)
      coderay (~> 1.1)
      method_source (~> 1.0)
    pry-byebug (3.11.0)
      byebug (~> 12.0)
      pry (>= 0.13, < 0.16)
    puma (5.4.0)
      nio4r (~> 2.0)
    racc (1.8.1)
    rack (3.2.3)
    rack-protection (4.2.1)
      base64 (>= 0.1.0)
      logger (>= 1.6.0)
      rack (>= 3.0.0, < 4)
    rack-session (2.1.1)
      base64 (>= 0.1.0)
      rack (>= 3.0.0)
    ruby2_keywords (0.0.5)
    sinatra (4.2.1)
      logger (>= 1.6.0)
      mustermann (~> 3.0)
      rack (>= 3.0.0, < 4)
      rack-protection (= 4.2.1)
      rack-session (>= 2.0.0, < 3)
      tilt (~> 2.0)
    sinatra-contrib (4.2.1)
      multi_json (>= 0.0.2)
      mustermann (~> 3.0)
      rack-protection (= 4.2.1)
      sinatra (= 4.2.1)
      tilt (~> 2.0)
    tilt (2.6.1)

PLATFORMS
  ruby

DEPENDENCIES
  httparty (~> 0.13.7)
  nokogiri (~> 1.16)
  pry-byebug (~> 3.10)
  puma
  sinatra (~> 4.2)
  sinatra-contrib (~> 4.2)

RUBY VERSION
   ruby 3.2.2p53

BUNDLED WITH
   2.1.4
